GEM
  remote: https://rubygems.org/
  specs:
    addressable (2.8.7)
      public_suffix (>= 2.0.2, < 7.0)
    base64 (0.2.0)
    cgi (0.4.2)
    childprocess (5.1.0)
      logger (~> 1.5)
    diff-lcs (1.6.1)
    domain_name (0.6.20240107)
    http-accept (1.7.0)
    http-cookie (1.0.8)
      domain_name (~> 0.5)
    json (2.10.2)
    jwt (2.10.1)
      base64
    launchy (3.1.1)
      addressable (~> 2.8)
      childprocess (~> 5.0)
      logger (~> 1.6)
    logger (1.7.0)
    mime-types (3.6.2)
      logger
      mime-types-data (~> 3.2015)
    mime-types-data (3.2025.0325)
    mustermann (3.0.3)
      ruby2_keywords (~> 0.0.1)
    netrc (0.11.0)
    openssl (3.3.0)
    pp (0.6.2)
      prettyprint
    prettyprint (0.2.0)
    public_suffix (6.0.1)
    rack (3.1.12)
    rack-protection (4.1.1)
      base64 (>= 0.1.0)
      logger (>= 1.6.0)
      rack (>= 3.0.0, < 4)
    rack-session (2.1.0)
      base64 (>= 0.1.0)
      rack (>= 3.0.0)
    rest-client (2.1.0)
      http-accept (>= 1.7.0, < 2.0)
      http-cookie (>= 1.0.2, < 2.0)
      mime-types (>= 1.16, < 4.0)
      netrc (~> 0.8)
    rspec (3.13.0)
      rspec-core (~> 3.13.0)
      rspec-expectations (~> 3.13.0)
      rspec-mocks (~> 3.13.0)
    rspec-core (3.13.3)
      rspec-support (~> 3.13.0)
    rspec-expectations (3.13.3)
      diff-lcs (>= 1.2.0, < 2.0)
      rspec-support (~> 3.13.0)
    rspec-mocks (3.13.2)
      diff-lcs (>= 1.2.0, < 2.0)
      rspec-support (~> 3.13.0)
    rspec-support (3.13.2)
    ruby2_keywords (0.0.5)
    securerandom (0.4.1)
    sinatra (4.1.1)
      logger (>= 1.6.0)
      mustermann (~> 3.0)
      rack (>= 3.0.0, < 4)
      rack-protection (= 4.1.1)
      rack-session (>= 2.0.0, < 3)
      tilt (~> 2.0)
    tilt (2.6.0)
    uri (1.0.3)
    webrick (1.9.1)

PLATFORMS
  arm64-darwin-24
  ruby

DEPENDENCIES
  cgi
  json
  jwt
  launchy
  openssl
  pp
  rest-client
  rspec
  securerandom
  sinatra
  uri
  webrick

BUNDLED WITH
   2.6.5
